GEM
  remote: https://rubygems.org/
  specs:
    mime-types (2.2)
    redis (3.0.7)
    rest-client (1.6.7)
      mime-types (>= 1.16)

PLATFORMS
  ruby

DEPENDENCIES
  redis
  rest-client
